PATH
  remote: ../jails
  specs:
    jails (0.1.0)
      rack (~> 2.2.3)

GEM
  remote: https://rubygems.org/
  specs:
    rack (2.2.3)

PLATFORMS
  x86_64-darwin-20

DEPENDENCIES
  jails!

BUNDLED WITH
   2.2.24
