PATH
  remote: ../jails
  specs:
    jails (0.1.0)
      erb (~> 2.2.3)
      json (~> 2.6.1)
      rack (~> 2.2.3)

GEM
  remote: https://rubygems.org/
  specs:
    cgi (0.3.0)
    erb (2.2.3)
      cgi
    json (2.6.1)
    rack (2.2.3)
    webrick (1.7.0)

PLATFORMS
  x86_64-darwin-20

DEPENDENCIES
  jails!
  webrick

BUNDLED WITH
   2.2.24
